PATH
  remote: .
  specs:
    apollon (0.0.4)
      aws-sdk-core (~> 2.0.0.rc7)
      digitalocean (~> 1.1, >= 1.1.0)
      json_pure (~> 1.8, >= 1.8.1)
      librarian-puppet (~> 1.1, >= 1.1.2)
      multi_json (~> 1.10, >= 1.10.1)
      puppet (~> 3.6, >= 3.6.2)
      rake (~> 10.3, >= 10.3.2)

GEM
  remote: https://rubygems.org/
  specs:
    CFPropertyList (2.2.8)
    activemodel (4.1.2)
      activesupport (= 4.1.2)
      builder (~> 3.1)
    activesupport (4.1.2)
      i18n (~> 0.6, >= 0.6.9)
      json (~> 1.7, >= 1.7.7)
      minitest (~> 5.1)
      thread_safe (~> 0.1)
      tzinfo (~> 1.1)
    aws-sdk-core (2.0.0.rc9)
      builder (~> 3.0)
      jamespath
      multi_json (~> 1.0)
      multi_xml (~> 0.5)
    builder (3.2.2)
    coveralls (0.7.0)
      multi_json (~> 1.3)
      rest-client
      simplecov (>= 0.7)
      term-ansicolor
      thor
    diff-lcs (1.2.5)
    digitalocean (1.1.0)
      faraday (~> 0.8.9)
      faraday_middleware (~> 0.9.0)
      recursive-open-struct (~> 0.4.5)
    docile (1.1.3)
    facter (2.1.0)
      CFPropertyList (~> 2.2.6)
    faraday (0.8.9)
      multipart-post (~> 1.2.0)
    faraday_middleware (0.9.1)
      faraday (>= 0.7.4, < 0.10)
    her (0.7.2)
      activemodel (>= 3.0.0, < 4.2)
      activesupport (>= 3.0.0, < 4.2)
      faraday (>= 0.8, < 1.0)
      multi_json (~> 1.7)
    hiera (1.3.4)
      json_pure
    highline (1.6.21)
    i18n (0.6.9)
    jamespath (0.5.0)
    json (1.8.1)
    json_pure (1.8.1)
    librarian (0.1.2)
      highline
      thor (~> 0.15)
    librarian-puppet (1.1.2)
      json
      librarian (>= 0.1.2)
      puppet_forge
    mime-types (2.2)
    minitest (5.3.4)
    multi_json (1.10.1)
    multi_xml (0.5.5)
    multipart-post (1.2.0)
    puppet (3.6.2)
      facter (> 1.6, < 3)
      hiera (~> 1.0)
      json_pure
      rgen (~> 0.6.5)
    puppet_forge (1.0.3)
      her (~> 0.6)
    rake (10.3.2)
    recursive-open-struct (0.4.5)
    rest-client (1.6.7)
      mime-types (>= 1.16)
    rgen (0.6.6)
    rspec (2.14.1)
      rspec-core (~> 2.14.0)
      rspec-expectations (~> 2.14.0)
      rspec-mocks (~> 2.14.0)
    rspec-core (2.14.8)
    rspec-expectations (2.14.5)
      diff-lcs (>= 1.1.3, < 2.0)
    rspec-mocks (2.14.6)
    simplecov (0.8.2)
      docile (~> 1.1.0)
      multi_json
      simplecov-html (~> 0.8.0)
    simplecov-html (0.8.0)
    term-ansicolor (1.3.0)
      tins (~> 1.0)
    thor (0.19.1)
    thread_safe (0.3.4)
    tins (1.3.0)
    tzinfo (1.2.1)
      thread_safe (~> 0.1)

PLATFORMS
  ruby

DEPENDENCIES
  apollon!
  coveralls (~> 0.7, >= 0.7.0r)
  rspec (~> 2.4, >= 2.4.17)
  simplecov (~> 0.8, >= 0.8.2)
